PATH
  remote: .
  specs:
    zendesk-rinku (1.7.3)

GEM
  remote: https://rubygems.org/
  specs:
    power_assert (1.1.5)
    rake (13.0.0)
    rake-compiler (1.0.8)
      rake
    test-unit (3.3.4)
      power_assert

PLATFORMS
  ruby

DEPENDENCIES
  rake
  rake-compiler
  test-unit
  zendesk-rinku!

BUNDLED WITH
   1.17.3
