PATH
  remote: .
  specs:
    zendesk-rinku (1.7.3)

GEM
  remote: https://rubygems.org/
  remote: https://gem.zdsys.com/gems/
  specs:
    rake (10.3.2)
    rake-compiler (0.9.2)
      rake

PLATFORMS
  ruby

DEPENDENCIES
  rake
  rake-compiler
  zendesk-rinku!

BUNDLED WITH
   1.12.5
