PATH
  remote: .
  specs:
    zendesk-rinku (1.7.3)

GEM
  remote: https://rubygems.org/
  specs:
    minitest (5.12.2)
    rake (13.0.0)
    rake-compiler (1.0.8)
      rake

PLATFORMS
  ruby

DEPENDENCIES
  minitest
  rake
  rake-compiler
  zendesk-rinku!

BUNDLED WITH
   1.17.3
